GEM
  remote: https://rubygems.org/
  specs:
    clipboard (1.0.6)
    thor (0.19.1)

PLATFORMS
  ruby

DEPENDENCIES
  clipboard
  thor
